GIT
  remote: git://github.com/work-furukawa/ruboty-healing_cat.git
  revision: 7f0919cb549ee4d6459a3e5ca886d09481c1d284
  specs:
    ruboty-healing_cat (0.1.0)
      ruboty

GIT
  remote: git://github.com/work-furukawa/ruboty-healing_dog.git
  revision: 8a8913293a35b96f8b91972f2fae57e63684d6fe
  specs:
    ruboty-healing_dog (0.1.0)
      ruboty

GIT
  remote: git://github.com/work-furukawa/ruboty-indecisive.git
  revision: ba4d568d9f3810aed583cbc3a7eebf2a8ca39c8f
  specs:
    ruboty-indecisive (0.1.0)
      ruboty

GIT
  remote: git://github.com/work-furukawa/ruboty-whatday.git
  revision: b15f80fe6d1fee17dc4049c100c5f091bf6cb9fb
  specs:
    ruboty-whatday (0.1.0)
      ruboty
      wikipedia-client

GEM
  remote: https://rubygems.org/
  specs:
    activesupport (6.0.3.1)
      concurrent-ruby (~> 1.0, >= 1.0.2)
      i18n (>= 0.7, < 2)
      minitest (~> 5.1)
      tzinfo (~> 1.1)
      zeitwerk (~> 2.2, >= 2.2.2)
    concurrent-ruby (1.1.6)
    dotenv (2.7.5)
    event_emitter (0.2.6)
    eventmachine (1.2.7)
    faraday (0.17.0)
      multipart-post (>= 1.2, < 3)
    faraday_middleware (0.10.1)
      faraday (>= 0.7.4, < 1.0)
    faye-websocket (0.10.9)
      eventmachine (>= 0.12.0)
      websocket-driver (>= 0.5.1)
    i18n (1.8.2)
      concurrent-ruby (~> 1.0)
    mem (0.1.5)
    minitest (5.14.1)
    multi_json (1.14.1)
    multipart-post (2.1.1)
    ruboty (1.3.0)
      activesupport
      bundler
      dotenv
      mem
      slop
    ruboty-slack_rtm (3.2.1)
      faraday (~> 0.11)
      ruboty (>= 1.1.4)
      slack-api (~> 1.6)
      websocket-client-simple (~> 0.3.0)
    slack-api (1.6.1)
      faraday (~> 0.11)
      faraday_middleware (~> 0.10.0)
      faye-websocket (~> 0.10.6)
      multi_json (~> 1.0, >= 1.0.3)
    slop (4.7.0)
    thread_safe (0.3.6)
    tzinfo (1.2.7)
      thread_safe (~> 0.1)
    websocket (1.2.8)
    websocket-client-simple (0.3.0)
      event_emitter
      websocket
    websocket-driver (0.7.1)
      websocket-extensions (>= 0.1.0)
    websocket-extensions (0.1.4)
    wikipedia-client (1.10.0)
    zeitwerk (2.3.0)

PLATFORMS
  ruby

DEPENDENCIES
  ruboty
  ruboty-healing_cat!
  ruboty-healing_dog!
  ruboty-indecisive!
  ruboty-slack_rtm
  ruboty-whatday!

BUNDLED WITH
   2.0.2
